ObjectType = Image
NDims = 3
BinaryData = True
BinaryDataByteOrderMSB = False
CompressedData = False
TransformMatrix = 1 0 0 0 -1 1.2246467991473532e-16 0 -1.2246467991473532e-16 -1
Offset = -179.47399999999999 -339.17599999999999 -706.96199999999999
CenterOfRotation = 0 0 0
AnatomicalOrientation = RPS
ElementSpacing = 2.3799681663513184 2.803992748260498 7.0754718780517578
ITK_InputFilterName = MetaImageIO
DimSize = 151 101 53
ElementType = MET_FLOAT
ElementDataFile = ProdStop-Stop.raw
